GEM
  remote: https://rubygems.org/
  specs:
    yaml (0.2.1)

PLATFORMS
  ruby

DEPENDENCIES
  yaml

BUNDLED WITH
   2.1.4
